GEM
  remote: https://rubygems.org/
  specs:
    addressable (2.8.0)
      public_suffix (>= 2.0.2, < 5.0)
    axiom-types (0.1.1)
      descendants_tracker (~> 0.0.4)
      ice_nine (~> 0.11.0)
      thread_safe (~> 0.3, >= 0.3.1)
    coderay (1.1.3)
    coercible (1.0.0)
      descendants_tracker (~> 0.0.1)
    crack (0.4.5)
      rexml
    descendants_tracker (0.0.4)
      thread_safe (~> 0.3, >= 0.3.1)
    diff-lcs (1.5.0)
    dotenv (2.7.6)
    dry-inflector (0.2.1)
    faraday (1.10.0)
      faraday-em_http (~> 1.0)
      faraday-em_synchrony (~> 1.0)
      faraday-excon (~> 1.1)
      faraday-httpclient (~> 1.0)
      faraday-multipart (~> 1.0)
      faraday-net_http (~> 1.0)
      faraday-net_http_persistent (~> 1.0)
      faraday-patron (~> 1.0)
      faraday-rack (~> 1.0)
      faraday-retry (~> 1.0)
      ruby2_keywords (>= 0.0.4)
    faraday-em_http (1.0.0)
    faraday-em_synchrony (1.0.0)
    faraday-excon (1.1.0)
    faraday-httpclient (1.0.1)
    faraday-multipart (1.0.3)
      multipart-post (>= 1.2, < 3)
    faraday-net_http (1.0.1)
    faraday-net_http_persistent (1.2.0)
    faraday-patron (1.0.0)
    faraday-rack (1.0.0)
    faraday-retry (1.0.3)
    hashdiff (1.0.1)
    httparty (0.20.0)
      mime-types (~> 3.0)
      multi_xml (>= 0.5.2)
    ice_nine (0.11.2)
    method_source (1.0.0)
    mime-types (3.4.1)
      mime-types-data (~> 3.2015)
    mime-types-data (3.2022.0105)
    multi_xml (0.6.0)
    multipart-post (2.1.1)
    nokogiri (1.13.3-arm64-darwin)
      racc (~> 1.4)
    nokogiri (1.13.3-x86_64-linux)
      racc (~> 1.4)
    pry (0.14.1)
      coderay (~> 1.1)
      method_source (~> 1.0)
    public_suffix (4.0.6)
    racc (1.6.0)
    redis (4.6.0)
    rexml (3.2.5)
    rspec (3.11.0)
      rspec-core (~> 3.11.0)
      rspec-expectations (~> 3.11.0)
      rspec-mocks (~> 3.11.0)
    rspec-core (3.11.0)
      rspec-support (~> 3.11.0)
    rspec-expectations (3.11.0)
      diff-lcs (>= 1.2.0, < 2.0)
      rspec-support (~> 3.11.0)
    rspec-mocks (3.11.0)
      diff-lcs (>= 1.2.0, < 2.0)
      rspec-support (~> 3.11.0)
    rspec-support (3.11.0)
    ruby2_keywords (0.0.5)
    telegram-bot-ruby (0.18.0)
      dry-inflector
      faraday (~> 1.0)
      virtus (~> 2.0)
    thread_safe (0.3.6)
    virtus (2.0.0)
      axiom-types (~> 0.1)
      coercible (~> 1.0)
      descendants_tracker (~> 0.0, >= 0.0.3)
    webmock (3.14.0)
      addressable (>= 2.8.0)
      crack (>= 0.3.2)
      hashdiff (>= 0.4.0, < 2.0.0)

PLATFORMS
  arm64-darwin-21
  x86_64-linux

DEPENDENCIES
  bundler
  dotenv
  httparty
  nokogiri
  pry
  redis
  rspec
  telegram-bot-ruby
  webmock

RUBY VERSION
   ruby 3.0.3p157

BUNDLED WITH
   2.3.9
